GEM
  remote: https://rubygems.org/
  specs:
    ansi (1.5.0)
    byebug (11.1.3)
    coderay (1.1.2)
    hashie (4.1.0)
    itamae (1.10.7)
      ansi
      hashie
      schash (~> 0.1.0)
      specinfra (>= 2.64.0, < 3.0.0)
      thor
    itamae-plugin-recipe-anyenv (0.4.0)
      itamae (~> 1.4)
    itamae-plugin-recipe-rbenv (0.8.6)
      itamae (~> 1.2)
    itamae-plugin-resource-cask (0.2.4)
      itamae
    method_source (1.0.0)
    net-scp (1.2.1)
      net-ssh (>= 2.6.5)
    net-ssh (6.0.0)
    net-telnet (0.1.1)
    pry (0.13.1)
      coderay (~> 1.1)
      method_source (~> 1.0)
    pry-byebug (3.9.0)
      byebug (~> 11.0)
      pry (~> 0.13.0)
    schash (0.1.2)
    sfl (2.3)
    specinfra (2.82.15)
      net-scp
      net-ssh (>= 2.7)
      net-telnet (= 0.1.1)
      sfl
    thor (1.0.1)

PLATFORMS
  ruby

DEPENDENCIES
  itamae
  itamae-plugin-recipe-anyenv
  itamae-plugin-recipe-rbenv
  itamae-plugin-resource-cask
  pry-byebug

BUNDLED WITH
   1.17.2
